PATH
  remote: .
  specs:
    minisyntax (0.2.3)

GEM
  remote: http://rubygems.org/
  specs:

PLATFORMS
  ruby

DEPENDENCIES
  minisyntax!
